PATH
  remote: .
  specs:
    go-scheduler (0.0.1)
      celluloid (= 0.16.0)
      celluloid-io (= 0.16.0)

GEM
  remote: https://rubygems.org/
  specs:
    celluloid (0.16.0)
      timers (~> 4.0.0)
    celluloid-io (0.16.0)
      celluloid (>= 0.16.0)
      nio4r (>= 1.0.0)
    hitimes (1.2.2)
    minitest (5.4.1)
    nio4r (1.0.1)
    rake (10.3.2)
    timers (4.0.1)
      hitimes

PLATFORMS
  ruby

DEPENDENCIES
  bundler (~> 1.7)
  celluloid (= 0.16.0)
  celluloid-io (= 0.16.0)
  go-scheduler!
  minitest (~> 5.4.1)
  rake (~> 10.0)
